PATH
  remote: .
  specs:
    semantic_logger_journald (0.2.0)
      journald-logger (~> 3.0)
      semantic_logger (~> 4.7)

GEM
  remote: https://rubygems.org/
  specs:
    concurrent-ruby (1.1.6)
    ffi (1.13.1)
    journald-logger (3.0.1)
      journald-native (~> 1.0)
    journald-native (1.0.12)
    listen (3.2.1)
      rb-fsevent (~> 0.10, >= 0.10.3)
      rb-inotify (~> 0.9, >= 0.9.10)
    minitest (5.14.1)
    rake (12.3.3)
    rb-fsevent (0.10.4)
    rb-inotify (0.10.1)
      ffi (~> 1.0)
    rerun (0.13.0)
      listen (~> 3.0)
    semantic_logger (4.7.1)
      concurrent-ruby (~> 1.0)

PLATFORMS
  ruby

DEPENDENCIES
  minitest (~> 5.0)
  rake (~> 12.0)
  rerun
  semantic_logger_journald!

BUNDLED WITH
   2.1.4
